{
  "AcquisitionMatrixPE": 256,
  "AcquisitionNumber": 1,
  "AcquisitionTime": "16:31:58.000000",
  "BodyPartExamined": "HEAD",
  "CoilString": "48HAP+60PA",
  "ConversionSoftware": "dcm2niix",
  "ConversionSoftwareVersion": "v1.0.20190410  GCC6.3.0",
  "DeviceSerialNumber": "0000000319335MR2",
  "EchoTime": 0.002968,
  "FlipAngle": 8,
  "ImageOrientationPatientDICOM": [0, 1, 0, 0, 0, -1],
  "ImageType": [
    "ORIGINAL",
    "PRIMARY",
    "OTHER"
],
  "ImagingFrequency": 127.754,
  "InPlanePhaseEncodingDirectionDICOM": "ROW",
  "InstitutionName": "Iowa_MRRF",
  "InversionTime": 0.9,
  "MRAcquisitionType": "3D",
  "MagneticFieldStrength": 3,
  "Manufacturer": "GE",
  "ManufacturersModelName": "SIGNA_Premier",
  "Modality": "MR",
  "PatientPosition": "HFS",
  "PercentPhaseFOV": 90,
  "PixelBandwidth": 244.141,
  "ProcedureStepDescription": "HWANG_NET",
  "ProtocolName": "T1_SAG",
  "ReconMatrixPE": 256,
  "RepetitionTime": 2.34852,
  "SAR": 0.0594182,
  "ScanOptions": "EDR_GEMS_FILTERED_GEMS_ACC_GEMS_IR_GEMS",
  "ScanningSequence": "RM_IR",
  "SequenceVariant": "NONE",
  "SeriesDescription": "T1_SAG",
  "SeriesNumber": 2,
  "SliceThickness": 1,
  "SoftwareVersions": "28_LX_MR_Software_release:RX28.0_R04_2020.b",
  "SpacingBetweenSlices": 1,
  "StationName": "Iowa3T",
  "dcmmeta_affine": [
    [1.0, 0.0, 0.0, -103.40666961669922],
    [0.0, 1.0, 0.0, -137.35546875],
    [0.0, 0.0, 1.0, -112.97999572753906],
    [0.0, 0.0, 0.0, 1.0]
],
  "dcmmeta_reorient_transform": [
    [0.0, 0.0, -1.0, 255.0],
    [0.0, -1.0, 0.0, 255.0],
    [-1.0, 0.0, 0.0, 199.0],
    [0.0, 0.0, 0.0, 1.0]
],
  "dcmmeta_shape": [200, 256, 256],
  "dcmmeta_slice_dim": 0,
  "dcmmeta_version": 0.6,
  "global": {
    "const": {
      "AcquisitionMatrix": [0, 256, 256, 0],
      "AcquisitionNumber": 1,
      "AcquisitionTime": "163158",
      "AnatomicRegionSequence": [
        {
          "CodeMeaning": "Head",
          "CodeValue": "T-D1100",
          "CodingSchemeDesignator": "SRT"
        }
],
      "AngioFlag": "N",
      "BeatRejectionFlag": "N",
      "BitsAllocated": 16,
      "BitsStored": 16,
      "BodyPartExamined": "HEAD",
      "CardiacNumberOfImages": 0,
      "Columns": 256,
      "ContentTime": "163158",
      "EchoNumbers": 1,
      "EchoTime": 2.968,
      "EchoTrainLength": 1,
      "FlipAngle": 8.0,
      "GroupLength_0X40_0X0": 98,
      "GroupLength_0X7FE0_0X0": 131084,
      "HeartRate": 0,
      "HighBit": 15,
      "ImageOrientationPatient": [-0.0, 1.0, 0.0, -0.0, -0.0, -1.0],
      "ImageType": [
        "ORIGINAL",
        "PRIMARY",
        "OTHER"
],
      "ImagedNucleus": "1H",
      "ImagesInAcquisition": 200,
      "ImagingFrequency": 127.754142,
      "InPlanePhaseEncodingDirection": "ROW",
      "InversionTime": 900.0,
      "MRAcquisitionType": "3D",
      "MagneticFieldStrength": 3.0,
      "Manufacturer": "GE MEDICAL SYSTEMS",
      "ManufacturerModelName": "SIGNA Premier",
      "Modality": "MR",
      "NumberOfAverages": 1.0,
      "PercentPhaseFieldOfView": 90.0,
      "PercentSampling": 100.0,
      "PerformedLocation": "Iowa",
      "PerformedProcedureStepStartTime": "163028",
      "PhotometricInterpretation": "MONOCHROME2",
      "PixelBandwidth": 244.141,
      "PixelRepresentation": 1,
      "PixelSpacing": [1.0, 1.0],
      "ProtocolName": "HWANG_NET_THALHI",
      "ReceiveCoilName": "48HAP+60PA",
      "ReconstructionDiameter": 256.0,
      "ReferencedPerformedProcedureStepSequence": [
        {
          "ReferencedSOPClassUID": "1.2.840.10008.3.1.2.3.3",
          "ReferencedSOPInstanceUID": "1.2.840.113619.6.475.54874309308405662785958406593855977176"}
],
      "RepetitionTime": 2348.52,
      "Rows": 256,
      "SAR": 0.0594182,
      "SamplesPerPixel": 1,
      "ScanOptions": [
        "EDR_GEMS",
        "FILTERED_GEMS",
        "ACC_GEMS",
        "IR_GEMS"
],
      "ScanningSequence": [
        "RM",
        "IR"
],
      "SequenceVariant": "NONE",
      "SeriesDescription": "T1 SAG",
      "SeriesNumber": 2,
      "SeriesTime": "163158",
      "SliceThickness": 1.0,
      "SmallestImagePixelValue": 0,
      "SoftwareVersions": [
 "28",
        "LX",
        "MR Software release:RX28.0_R04_2020.b"
],
      "SpacingBetweenSlices": 1.0,
      "SpecificCharacterSet": "ISO_IR 100",
      "StackID": "1",
      "StudyID": "796",
      "StudyTime": "163033",
      "TriggerWindow": 0,
      "VariableFlipAngleFlag": "N"
    },
