{
  "AcquisitionMatrixPE": 88,
  "AcquisitionNumber": 1,
  "AcquisitionTime": "14:34:11.000000",
  "BodyPartExamined": "BRAIN",
  "CoilString": "48HAP",
  "ConversionSoftware": "dcm2niix",
  "ConversionSoftwareVersion": "v1.0.20190410  GCC6.3.0",
  "DeviceSerialNumber": "0000000319335MR2",
  "EchoTime": 0.03,
  "EffectiveEchoSpacing": 0.000564,
  "FlipAngle": 75,
  "ImageOrientationPatientDICOM": [1, 0, 0, 0, 1, 0],
  "ImageType": [
    "ORIGINAL",
    "PRIMARY",
    "OTHER"
],
  "ImagingFrequency": 127.754,
  "InPlanePhaseEncodingDirectionDICOM": "COL",
  "InstitutionName": "Iowa_MRRF",
  "MRAcquisitionType": "2D",
  "MagneticFieldStrength": 3,
  "Manufacturer": "GE",
  "ManufacturersModelName": "SIGNA_Premier",
  "Modality": "MR",
  "PatientPosition": "HFS",
  "PercentPhaseFOV": 100,
  "PhaseEncodingDirection": "j",
  "PhaseEncodingPolarityGE": "Flipped",
  "PixelBandwidth": 3906.25,
  "ProtocolName": "EPI_FM_pepolar=0",
  "ReconMatrixPE": 128,
  "RepetitionTime": 1.8,
  "SAR": 0.0928394,
  "ScanOptions": "SAT_GEMS_EDR_GEMS_MP_GEMS_EPI_GEMS_HYPERBAND_GEMS_FS",
  "ScanningSequence": "EP_GR",
  "SequenceVariant": "SS",
  "SeriesDescription": "EPI_FM_pepolar=0",
  "SeriesNumber": 11,
  "SliceThickness": 2.5,
  "SliceTiming": [0, 0.9, 0.075, 0.975, 0.15, 1.05, 0.225, 1.125, 0.3, 1.2, 0.375, 1.275, 0.45, 1.35, 0.525, 1.425, 0.6, 1.5, 0.675, 1.575, 0.75, 1.725, 0.825, 1.65, 0, 0.9, 0.075, 0.975, 0.15, 1.05, 0.225, 1.125, 0.3, 1.2, 0.375, 1.275, 0.45, 1.35, 0.525, 1.425, 0.6, 1.5, 0.675, 1.575, 0.75, 1.725, 0.825, 1.65],
  "SoftwareVersions": "28_LX_MR_Software_release:RX28.0_R05_2035.a",
  "SpacingBetweenSlices": 2.5,
  "StationName": "Iowa3T",
  "TotalReadoutTime": 0.071628,
  "TriggerDelayTime": 10650,
  "dcmmeta_affine": [
    [-1.7187999486923218, 0.0, 0.0, 106.19779968261719],
    [0.0, 1.7187999486923218, 0.0, -116.84099578857422],
    [0.0, 0.0, 2.5, -37.66680145263672],
    [0.0, 0.0, 0.0, 1.0]
],
  "dcmmeta_reorient_transform": [
    [0.0, -1.0, 0.0, 127.0],
    [1.0, 0.0, 0.0, 0.0],
    [0.0, 0.0, -1.0, 47.0],
    [0.0, 0.0, 0.0, 1.0]
],
  "dcmmeta_shape": [128, 128, 48, 6],
  "dcmmeta_slice_dim": 2,
  "dcmmeta_version": 0.6,
  "global": {
    "const": {
      "AcquisitionMatrix": [88, 0, 0, 88],
      "AcquisitionNumber": 1,
      "AcquisitionTime": "143411",
      "AnatomicRegionSequence": [
        {
          "CodeMeaning": "Brain",
          "CodeValue": "T-A0100",
          "CodingSchemeDesignator": "SRT"
        }
],
      "AngioFlag": "N",
      "BeatRejectionFlag": "Y",
      "BitsAllocated": 16,
      "BitsStored": 16,
      "BodyPartExamined": "BRAIN",
      "CardiacNumberOfImages": 0,
      "Columns": 128,
      "ContentTime": "143411",
      "EchoNumbers": 1,
      "EchoTime": 30.0,
      "EchoTrainLength": 1,
      "FlipAngle": 75.0,
      "GroupLength_0X40_0X0": 80,
      "GroupLength_0X7FE0_0X0": 32780,
      "HeartRate": 0,
      "HighBit": 15,
      "ImageOrientationPatient": [1.0, -0.0, 0.0, -0.0, 1.0, 0.0],
      "ImageType": [
        "ORIGINAL",
        "PRIMARY",
        "OTHER"
],
      "ImagedNucleus": "1H",
      "ImagesInAcquisition": 288,
      "ImagingFrequency": 127.753886,
      "InPlanePhaseEncodingDirection": "COL",
      "MRAcquisitionType": "2D",
      "MagneticFieldStrength": 3.0,
      "Manufacturer": "GE MEDICAL SYSTEMS",
      "ManufacturerModelName": "SIGNA Premier",
      "Modality": "MR",
      "NumberOfAverages": 1.0,
      "NumberOfTemporalPositions": 6,
      "PercentPhaseFieldOfView": 100.0,
      "PercentSampling": 100.0,
      "PerformedLocation": "Iowa",
      "PerformedProcedureStepStartTime": "134930",
      "PhotometricInterpretation": "MONOCHROME2",
      "PixelBandwidth": 3906.25,
      "PixelRepresentation": 1,
      "PixelSpacing": [1.7188, 1.7188],
      "ProtocolName": "HWANG_NET_THALHI",
      "ReceiveCoilName": "48HAP",
      "ReconstructionDiameter": 220.0,
      "ReferencedPerformedProcedureStepSequence": [
        {
          "ReferencedSOPClassUID": "1.2.840.10008.3.1.2.3.3",
          "ReferencedSOPInstanceUID": "1.2.840.113619.6.475.93447600618652038176778213322990919859"}
],
      "RepetitionTime": 1800.0,
      "Rows": 128,
      "SAR": 0.0928394,
      "SamplesPerPixel": 1,
      "ScanOptions": [
        "SAT_GEMS",
        "EDR_GEMS",
        "MP_GEMS",
        "EPI_GEMS",
        "HYPERBAND_GEMS",
        "FS"
],
      "ScanningSequence": [
        "EP",
        "GR"
],
      "SequenceVariant": "SS",
      "SeriesDescription": "EPI FM pepolar=0",
      "SeriesNumber": 11,
      "SeriesTime": "143411",
      "SliceThickness": 2.5,
      "SmallestImagePixelValue": 0,
      "SoftwareVersions": [
 "28",
        "LX",
        "MR Software release:RX28.0_R05_2035.a"
],
      "SpacingBetweenSlices": 2.5,
      "SpecificCharacterSet": "ISO_IR 100",
      "StackID": "1",
      "StudyID": "2060",
      "StudyTime": "134943",
      "TriggerWindow": 0,
      "VariableFlipAngleFlag": "N"
    },
